GEM
  remote: https://rubygems.org/
  specs:
    backports (3.6.8)
    barby (0.6.3)
    chunky_png (1.3.5)
    daemons (1.2.3)
    eventmachine (1.2.0.1)
    multi_json (1.11.3)
    pdf-core (0.6.1)
    prawn (2.1.0)
      pdf-core (~> 0.6.1)
      ttfunk (~> 1.4.0)
    rack (1.6.4)
    rack-protection (1.5.3)
      rack
    rack-test (0.6.3)
      rack (>= 1.0)
    sinatra (1.4.7)
      rack (~> 1.5)
      rack-protection (~> 1.4)
      tilt (>= 1.3, < 3)
    sinatra-contrib (1.4.7)
      backports (>= 2.0)
      multi_json
      rack-protection
      rack-test
      sinatra (~> 1.4.0)
      tilt (>= 1.3, < 3)
    thin (1.6.4)
      daemons (~> 1.0, >= 1.0.9)
      eventmachine (~> 1.0, >= 1.0.4)
      rack (~> 1.0)
    tilt (2.0.2)
    ttfunk (1.4.0)

PLATFORMS
  ruby

DEPENDENCIES
  barby
  chunky_png
  prawn
  sinatra
  sinatra-contrib
  thin

BUNDLED WITH
   1.11.2
